GIT
  remote: git@github.com:alx/jabber-bot.git
  revision: 2032abd9123a15d6cfd53e00dec22f0f3e4f6f9a
  specs:
    jabber-bot (1.1.1)
      xmpp4r-simple (>= 0.8.7)

GEM
  remote: http://rubygems.org/
  specs:
    activemodel (3.0.5)
      activesupport (= 3.0.5)
      builder (~> 2.1.2)
      i18n (~> 0.4)
    activerecord (3.0.5)
      activemodel (= 3.0.5)
      activesupport (= 3.0.5)
      arel (~> 2.0.2)
      tzinfo (~> 0.3.23)
    activesupport (3.0.5)
    addressable (2.2.6)
    arel (2.0.10)
    bcrypt-ruby (2.1.4)
    builder (2.1.2)
    capistrano (2.6.0)
      highline
      net-scp (>= 1.0.0)
      net-sftp (>= 2.0.0)
      net-ssh (>= 2.0.14)
      net-ssh-gateway (>= 1.1.0)
    daemons (1.1.4)
    data_mapper (1.1.0)
      dm-aggregates (= 1.1.0)
      dm-constraints (= 1.1.0)
      dm-core (= 1.1.0)
      dm-migrations (= 1.1.0)
      dm-serializer (= 1.1.0)
      dm-timestamps (= 1.1.0)
      dm-transactions (= 1.1.0)
      dm-types (= 1.1.0)
      dm-validations (= 1.1.0)
    data_objects (0.10.6)
      addressable (~> 2.1)
    dm-aggregates (1.1.0)
      dm-core (~> 1.1.0)
    dm-constraints (1.1.0)
      dm-core (~> 1.1.0)
    dm-core (1.1.0)
      addressable (~> 2.2.4)
    dm-do-adapter (1.1.0)
      data_objects (~> 0.10.2)
      dm-core (~> 1.1.0)
    dm-migrations (1.1.0)
      dm-core (~> 1.1.0)
    dm-serializer (1.1.0)
      dm-core (~> 1.1.0)
      fastercsv (~> 1.5.4)
      json (~> 1.4.6)
    dm-sqlite-adapter (1.1.0)
      dm-do-adapter (~> 1.1.0)
      do_sqlite3 (~> 0.10.2)
    dm-timestamps (1.1.0)
      dm-core (~> 1.1.0)
    dm-transactions (1.1.0)
      dm-core (~> 1.1.0)
    dm-types (1.1.0)
      bcrypt-ruby (~> 2.1.4)
      dm-core (~> 1.1.0)
      fastercsv (~> 1.5.4)
      json (~> 1.4.6)
      stringex (~> 1.2.0)
      uuidtools (~> 2.1.2)
    dm-validations (1.1.0)
      dm-core (~> 1.1.0)
    do_sqlite3 (0.10.6)
      data_objects (= 0.10.6)
    fastercsv (1.5.4)
    highline (1.6.2)
    i18n (0.6.0)
    json (1.4.6)
    net-scp (1.0.4)
      net-ssh (>= 1.99.1)
    net-sftp (2.0.5)
      net-ssh (>= 2.0.9)
    net-ssh (2.1.4)
    net-ssh-gateway (1.1.0)
      net-ssh (>= 1.99.1)
    stringex (1.2.2)
    tzinfo (0.3.29)
    uuidtools (2.1.2)
    worker (0.1.1)
      activerecord
    xmpp4r (0.5)
    xmpp4r-simple (0.8.8)
      xmpp4r (>= 0.3.2)

PLATFORMS
  ruby

DEPENDENCIES
  capistrano
  daemons
  data_mapper
  dm-aggregates
  dm-core
  dm-migrations
  dm-sqlite-adapter
  dm-timestamps
  dm-validations
  i18n
  jabber-bot!
  worker
